PATH
  remote: .
  specs:
    deedveloper (0.1.0)
      nokogiri
      pry

GEM
  remote: https://rubygems.org/
  specs:
    coderay (1.1.2)
    diff-lcs (1.3)
    method_source (0.9.2)
    mini_portile2 (2.4.0)
    nokogiri (1.10.2)
      mini_portile2 (~> 2.4.0)
    nokogiri (1.10.2-x64-mingw32)
      mini_portile2 (~> 2.4.0)
    open_uri_redirections (0.2.1)
    pry (0.12.2)
      coderay (~> 1.1.0)
      method_source (~> 0.9.0)
    rake (12.3.2)
    require_all (2.0.0)
    rspec (3.8.0)
      rspec-core (~> 3.8.0)
      rspec-expectations (~> 3.8.0)
      rspec-mocks (~> 3.8.0)
    rspec-core (3.8.0)
      rspec-support (~> 3.8.0)
    rspec-expectations (3.8.2)
      diff-lcs (>= 1.2.0, < 2.0)
      rspec-support (~> 3.8.0)
    rspec-mocks (3.8.0)
      diff-lcs (>= 1.2.0, < 2.0)
      rspec-support (~> 3.8.0)
    rspec-support (3.8.0)

PLATFORMS
  ruby
  x64-mingw32

DEPENDENCIES
  bundler (~> 2.0)
  deedveloper!
  nokogiri
  open_uri_redirections (~> 0.2.1)
  pry
  rake
  require_all
  rspec (~> 3.0)

BUNDLED WITH
   2.0.1
