PATH
  remote: .
  specs:
    deedveloper (0.1.1)
      nokogiri
      open_uri_redirections

GEM
  remote: https://rubygems.org/
  specs:
    coderay (1.1.2)
    diff-lcs (1.3)
    method_source (0.9.2)
    mini_portile2 (2.4.0)
    nio4r (2.5.2)
    nokogiri (1.10.4)
      mini_portile2 (~> 2.4.0)
    nokogiri (1.10.4-x64-mingw32)
      mini_portile2 (~> 2.4.0)
    open_uri_redirections (0.2.1)
    pry (0.12.2)
      coderay (~> 1.1.0)
      method_source (~> 0.9.0)
    puma (4.3.5)
      nio4r (~> 2.0)
    rake (13.0.1)
    rspec (3.8.0)
      rspec-core (~> 3.8.0)
      rspec-expectations (~> 3.8.0)
      rspec-mocks (~> 3.8.0)
    rspec-core (3.8.0)
      rspec-support (~> 3.8.0)
    rspec-expectations (3.8.3)
      diff-lcs (>= 1.2.0, < 2.0)
      rspec-support (~> 3.8.0)
    rspec-mocks (3.8.0)
      diff-lcs (>= 1.2.0, < 2.0)
      rspec-support (~> 3.8.0)
    rspec-support (3.8.0)

PLATFORMS
  ruby
  x64-mingw32

DEPENDENCIES
  bundler (~> 2.0)
  deedveloper!
  nokogiri
  open_uri_redirections
  pry
  puma
  rake
  rspec

BUNDLED WITH
   2.0.1
